GEM
  remote: https://rubygems.org/
  specs:
    ffi (1.9.14)
    ffi-gphoto2 (0.6.0)
      ffi (~> 1.9.0)
    json (2.0.2)
    rack (1.6.4)
    rack-protection (1.5.3)
      rack
    sinatra (1.4.7)
      rack (~> 1.5)
      rack-protection (~> 1.4)
      tilt (>= 1.3, < 3)
    tilt (2.0.5)

PLATFORMS
  ruby

DEPENDENCIES
  ffi-gphoto2 (= 0.6.0)
  json (= 2.0.2)
  sinatra (= 1.4.7)

BUNDLED WITH
   1.11.2
