GEM
  remote: https://rubygems.org/
  specs:
    chunky_png (1.3.7)
    daemons (1.2.4)
    eventmachine (1.2.0.1)
    ffi (1.9.14)
    ffi-gphoto2 (0.6.1)
      ffi (~> 1.9.0)
    get_process_mem (0.2.1)
    json (2.0.2)
    mini_magick (4.5.1)
    os (0.9.6)
    rack (1.6.4)
    rack-protection (1.5.3)
      rack
    rqrcode (0.10.1)
      chunky_png (~> 1.0)
    sinatra (1.4.7)
      rack (~> 1.5)
      rack-protection (~> 1.4)
      tilt (>= 1.3, < 3)
    thin (1.7.0)
      daemons (~> 1.0, >= 1.0.9)
      eventmachine (~> 1.0, >= 1.0.4)
      rack (>= 1, < 3)
    tilt (2.0.5)

PLATFORMS
  ruby

DEPENDENCIES
  ffi-gphoto2
  get_process_mem
  json (= 2.0.2)
  mini_magick
  os (= 0.9.6)
  rqrcode
  sinatra (= 1.4.7)
  thin

BUNDLED WITH
   1.12.5
